NUGET
  remote: https://www.nuget.org/api/v2
    Endorphin.Core (0.3.5)
      FSharp.Core
      log4net (>= 2.0 < 3.0)
    Endorphin.Core.NationalInstruments (0.3.5)
      Endorphin.Core (>= 0.3)
      log4net (>= 2.0 < 3.0)
    FSharp.Control.Reactive (3.4.1)
      Rx-Core (>= 2.2.5)
      Rx-Interfaces (>= 2.2.5)
      Rx-Linq (>= 2.2.5)
    FSharp.Core (4.0.0.1) - redirects: force
    FSharp.Text.RegexProvider (0.0.7)
    log4net (2.0.5)
    Rx-Core (2.2.5)
      Rx-Interfaces (>= 2.2.5)
    Rx-Interfaces (2.2.5)
    Rx-Linq (2.2.5)
      Rx-Core (>= 2.2.5)
      Rx-Interfaces (>= 2.2.5)
GITHUB
  remote: WarwickEPR/Endorphin.Core
    src/Endorphin.Core.Control.fs (c4defa89d25c303ea6fb0d51dcf882ba6abb036d)
    src/Endorphin.Core.Reactive.fs (c4defa89d25c303ea6fb0d51dcf882ba6abb036d)
GROUP Build
NUGET
  remote: https://www.nuget.org/api/v2
    FAKE (4.37.2)
    FSharp.Compiler.Service (2.0.0.6)
    FSharp.Formatting (2.14.4)
      FSharp.Compiler.Service (2.0.0.6)
      FSharpVSPowerTools.Core (>= 2.3 < 2.4)
    FSharpVSPowerTools.Core (2.3)
      FSharp.Compiler.Service (>= 2.0.0.3)
    Microsoft.Bcl (1.1.10) - framework: net10, net11, net20, net30, net35, net40, net40-full
      Microsoft.Bcl.Build (>= 1.0.14)
    Microsoft.Bcl.Build (1.0.21) - import_targets: false, framework: net10, net11, net20, net30, net35, net40, net40-full
    Microsoft.Net.Http (2.2.29) - framework: net10, net11, net20, net30, net35, net40, net40-full
      Microsoft.Bcl (>= 1.1.10)
      Microsoft.Bcl.Build (>= 1.0.14)
    Octokit (0.21.1)
      Microsoft.Net.Http  - framework: net10, net11, net20, net30, net35, net40, net40-full
    SourceLink.Fake (1.1)
GITHUB
  remote: fsharp/FAKE
    modules/Octokit/Octokit.fsx (7faaaf53e4a8fbe04a4d2b4c1bfc5d09bd82eed6)
      Octokit